PATH
  remote: .
  specs:
    simplemvc (0.1.0)
      erubis (~> 2.7)
      rack (~> 2.0)

GEM
  remote: https://rubygems.org/
  specs:
    erubis (2.7.0)
    rack (2.0.1)
    rake (10.5.0)

PLATFORMS
  ruby

DEPENDENCIES
  bundler (~> 1.13)
  rake (~> 10.0)
  simplemvc!

BUNDLED WITH
   1.13.2
